GEM
  remote: http://rubygems.org/
  specs:
    activesupport (3.1.12)
      multi_json (~> 1.0)
    amq-client (1.0.2)
      amq-protocol (>= 1.2.0)
      eventmachine
    amq-protocol (1.6.0)
    amqp (1.0.2)
      amq-client (~> 1.0.2)
      amq-protocol (>= 1.3.0)
      eventmachine
    daemon-kit (0.2.1)
      eventmachine (>= 0.12.10)
      i18n
      rubigen
      safely (>= 0.3.1)
      thor
    diff-lcs (1.2.4)
    erubis (2.7.0)
    eventmachine (1.0.3)
    i18n (0.6.4)
    metaclass (0.0.1)
    mocha (0.14.0)
      metaclass (~> 0.0.1)
    multi_json (1.7.7)
    rake (10.1.0)
    rspec (2.13.0)
      rspec-core (~> 2.13.0)
      rspec-expectations (~> 2.13.0)
      rspec-mocks (~> 2.13.0)
    rspec-core (2.13.1)
    rspec-expectations (2.13.0)
      diff-lcs (>= 1.1.3, < 2.0)
    rspec-mocks (2.13.1)
    rubigen (1.5.8)
      activesupport (>= 2.3.5, < 3.2.0)
    safely (0.3.2)
    thor (0.18.1)

PLATFORMS
  ruby

DEPENDENCIES
  amqp
  daemon-kit
  erubis
  mocha
  rake
  rspec
  safely
